GEM
  remote: https://rubygems.org/
  specs:
    mustermann (1.1.1)
      ruby2_keywords (~> 0.0.1)
    nio4r (2.5.8)
    puma (5.6.4)
      nio4r (~> 2.0)
    rack (2.2.3.1)
    rack-protection (2.2.0)
      rack
    redcarpet (3.5.1)
    rouge (3.29.0)
    ruby2_keywords (0.0.5)
    sinatra (2.2.0)
      mustermann (~> 1.0)
      rack (~> 2.2)
      rack-protection (= 2.2.0)
      tilt (~> 2.0)
    tilt (2.0.10)
    trifle-docs (0.1.0)
      redcarpet
      rouge
      sinatra
      yaml
    yaml (0.2.0)

PLATFORMS
  x86_64-linux

DEPENDENCIES
  puma
  trifle-docs

RUBY VERSION
   ruby 3.0.0p0

BUNDLED WITH
   2.3.16
